GIT
  remote: https://github.com/ihsaneddin/document-builder
  revision: 61cff5496d8af1ec1920aa9514992fc1da9a56d9
  tag: v1.1.0
  specs:
    document (1.1.0)
      activeentity (>= 6.1.0)
      mongoid
      mongoid_search
      options_model
      rails (~> 6.1.3, >= 6.1.3.1)
      ranked-model (~> 0.4.7)
      support
      validates_timeliness (~> 6.0.0.alpha1)

PATH
  remote: .
  specs:
    dynamic_flow (1.0.0)
      acts_as_list (~> 1.0)
      ancestry (~> 4.0)
      document
      mini_racer
      rails (~> 6.1.3, >= 6.1.3.1)
      rgl (~> 0.5)
      script_core

GEM
  remote: https://rubygems.org/
  specs:
    actioncable (6.1.6.1)
      actionpack (= 6.1.6.1)
      activesupport (= 6.1.6.1)
      nio4r (~> 2.0)
      websocket-driver (>= 0.6.1)
    actionmailbox (6.1.6.1)
      actionpack (= 6.1.6.1)
      activejob (= 6.1.6.1)
      activerecord (= 6.1.6.1)
      activestorage (= 6.1.6.1)
      activesupport (= 6.1.6.1)
      mail (>= 2.7.1)
    actionmailer (6.1.6.1)
      actionpack (= 6.1.6.1)
      actionview (= 6.1.6.1)
      activejob (= 6.1.6.1)
      activesupport (= 6.1.6.1)
      mail (~> 2.5, >= 2.5.4)
      rails-dom-testing (~> 2.0)
    actionpack (6.1.6.1)
      actionview (= 6.1.6.1)
      activesupport (= 6.1.6.1)
      rack (~> 2.0, >= 2.0.9)
      rack-test (>= 0.6.3)
      rails-dom-testing (~> 2.0)
      rails-html-sanitizer (~> 1.0, >= 1.2.0)
    actiontext (6.1.6.1)
      actionpack (= 6.1.6.1)
      activerecord (= 6.1.6.1)
      activestorage (= 6.1.6.1)
      activesupport (= 6.1.6.1)
      nokogiri (>= 1.8.5)
    actionview (6.1.6.1)
      activesupport (= 6.1.6.1)
      builder (~> 3.1)
      erubi (~> 1.4)
      rails-dom-testing (~> 2.0)
      rails-html-sanitizer (~> 1.1, >= 1.2.0)
    activeentity (6.3.0)
      activemodel (>= 6.0, < 8)
      activesupport (>= 6.0, < 8)
    activejob (6.1.6.1)
      activesupport (= 6.1.6.1)
      globalid (>= 0.3.6)
    activemodel (6.1.6.1)
      activesupport (= 6.1.6.1)
    activerecord (6.1.6.1)
      activemodel (= 6.1.6.1)
      activesupport (= 6.1.6.1)
    activestorage (6.1.6.1)
      actionpack (= 6.1.6.1)
      activejob (= 6.1.6.1)
      activerecord (= 6.1.6.1)
      activesupport (= 6.1.6.1)
      marcel (~> 1.0)
      mini_mime (>= 1.1.0)
    activesupport (6.1.6.1)
      concurrent-ruby (~> 1.0, >= 1.0.2)
      i18n (>= 1.6, < 2)
      minitest (>= 5.1)
      tzinfo (~> 2.0)
      zeitwerk (~> 2.3)
    acts_as_list (1.0.4)
      activerecord (>= 4.2)
    ancestry (4.2.0)
      activerecord (>= 5.2.6)
    bson (4.15.0)
    builder (3.2.4)
    concurrent-ruby (1.1.10)
    crass (1.0.6)
    erubi (1.11.0)
    fast-stemmer (1.0.2)
    globalid (1.0.0)
      activesupport (>= 5.0)
    i18n (1.12.0)
      concurrent-ruby (~> 1.0)
    libv8-node (16.10.0.0-x86_64-linux)
    loofah (2.18.0)
      crass (~> 1.0.2)
      nokogiri (>= 1.5.9)
    mail (2.7.1)
      mini_mime (>= 0.1.1)
    marcel (1.0.2)
    method_source (1.0.0)
    mini_mime (1.1.2)
    mini_racer (0.6.3)
      libv8-node (~> 16.10.0.0)
    minitest (5.16.3)
    mongo (2.18.1)
      bson (>= 4.14.1, < 5.0.0)
    mongoid (8.0.2)
      activemodel (>= 5.1, < 7.1, != 7.0.0)
      mongo (>= 2.18.0, < 3.0.0)
      ruby2_keywords (~> 0.0.5)
    mongoid_search (0.4.0)
      fast-stemmer (~> 1.0.0)
      mongoid (>= 5.0.0)
    msgpack (1.5.6)
    nio4r (2.5.8)
    nokogiri (1.13.8-x86_64-linux)
      racc (~> 1.4)
    options_model (0.0.18)
      activemodel (>= 5, < 8)
      activesupport (>= 5, < 8)
      psych (>= 3.2)
    pairing_heap (1.0.0)
    pg (1.2.3)
    psych (4.0.4)
      stringio
    racc (1.6.0)
    rack (2.2.4)
    rack-test (2.0.2)
      rack (>= 1.3)
    rails (6.1.6.1)
      actioncable (= 6.1.6.1)
      actionmailbox (= 6.1.6.1)
      actionmailer (= 6.1.6.1)
      actionpack (= 6.1.6.1)
      actiontext (= 6.1.6.1)
      actionview (= 6.1.6.1)
      activejob (= 6.1.6.1)
      activemodel (= 6.1.6.1)
      activerecord (= 6.1.6.1)
      activestorage (= 6.1.6.1)
      activesupport (= 6.1.6.1)
      bundler (>= 1.15.0)
      railties (= 6.1.6.1)
      sprockets-rails (>= 2.0.0)
    rails-dom-testing (2.0.3)
      activesupport (>= 4.2.0)
      nokogiri (>= 1.6)
    rails-html-sanitizer (1.4.3)
      loofah (~> 2.3)
    railties (6.1.6.1)
      actionpack (= 6.1.6.1)
      activesupport (= 6.1.6.1)
      method_source
      rake (>= 12.2)
      thor (~> 1.0)
    rake (13.0.6)
    rake-compiler (1.2.0)
      rake
    ranked-model (0.4.8)
      activerecord (>= 4.2)
    rexml (3.2.5)
    rgl (0.5.9)
      pairing_heap (>= 0.3.0)
      rexml (~> 3.2, >= 3.2.4)
      stream (~> 0.5.3)
    ruby2_keywords (0.0.5)
    script_core (0.3.2)
      msgpack (~> 1.0)
      rake-compiler (~> 1.0)
    sprockets (4.1.1)
      concurrent-ruby (~> 1.0)
      rack (> 1, < 3)
    sprockets-rails (3.4.2)
      actionpack (>= 5.2)
      activesupport (>= 5.2)
      sprockets (>= 3.0.0)
    stream (0.5.5)
    stringio (3.0.2)
    support (0.18)
    thor (1.2.1)
    timeliness (0.4.4)
    tzinfo (2.0.5)
      concurrent-ruby (~> 1.0)
    validates_timeliness (6.0.0.beta2)
      activemodel (>= 6.0.0, < 7)
      timeliness (>= 0.3.10, < 1)
    websocket-driver (0.7.5)
      websocket-extensions (>= 0.1.0)
    websocket-extensions (0.1.5)
    zeitwerk (2.6.0)

PLATFORMS
  x86_64-linux

DEPENDENCIES
  document (~> 1.0)!
  dynamic_flow!
  pg

BUNDLED WITH
   2.3.4
